GEM
  remote: https://rubygems.org/
  specs:
    async (1.31.0)
      console (~> 1.10)
      nio4r (~> 2.3)
      timers (~> 4.1)
    async-dns (1.3.0)
      async-io (~> 1.15)
    async-io (1.34.3)
      async
    base32-multi (0.1.1)
    console (1.16.2)
      fiber-local
    dnsruby (1.61.9)
      simpleidn (~> 0.1)
    fiber-local (1.0.0)
    nio4r (2.5.8)
    rubydns (2.0.2)
      async-dns (~> 1.0)
    simpleidn (0.2.1)
      unf (~> 0.1.4)
    timers (4.3.5)
    unf (0.1.4)
      unf_ext
    unf_ext (0.0.8.2)

PLATFORMS
  x86_64-linux

DEPENDENCIES
  base32-multi
  dnsruby
  rubydns

BUNDLED WITH
   2.4.8
